GEM
  remote: https://rubygems.org/
  specs:
    hologram (1.3.1)
      redcarpet (>= 2.2, < 4.0)
      rouge (>= 1.5)
    rainbow (2.0.0)
    redcarpet (3.2.2)
    rouge (1.8.0)
    sass (3.4.13)
    scss-lint (0.34.0)
      rainbow (~> 2.0)
      sass (~> 3.4.1)
    susy (2.2.2)
      sass (>= 3.3.0, < 3.5)

PLATFORMS
  ruby

DEPENDENCIES
  hologram
  sass
  scss-lint
  susy
